GIT
  remote: https://github.com/flant/ruby-saml.git
  revision: 8bf87876d3252e08b0cf6ae7fe9f6e1fef283b45
  specs:
    ruby-saml (1.1.1)
      nokogiri (>= 1.5.10)
      uuid (~> 2.3)

GEM
  remote: https://rubygems.org/
  specs:
    activemodel (4.2.6)
      activesupport (= 4.2.6)
      builder (~> 3.1)
    activerecord (4.2.6)
      activemodel (= 4.2.6)
      activesupport (= 4.2.6)
      arel (~> 6.0)
    activesupport (4.2.6)
      i18n (~> 0.7)
      json (~> 1.7, >= 1.7.7)
      minitest (~> 5.1)
      thread_safe (~> 0.3, >= 0.3.4)
      tzinfo (~> 1.1)
    arel (6.0.3)
    backports (3.6.7)
    builder (3.2.2)
    dalli (2.7.5)
    i18n (0.7.0)
    ice_nine (0.11.1)
    json (1.8.3)
    macaddr (1.7.1)
      systemu (~> 2.6.2)
    mini_portile2 (2.0.0)
    minitest (5.9.0)
    moneta (0.8.0)
    multi_json (1.11.2)
    mysql2 (0.4.4)
    nokogiri (1.6.7.2)
      mini_portile2 (~> 2.0.0.rc2)
    puma (3.4.0)
    rack (1.5.2)
    rack-protection (1.5.1)
      rack
    rack-test (0.6.3)
      rack (>= 1.0)
    redis (3.3.3)
    sinatra (1.4.3)
      rack (~> 1.4)
      rack-protection (~> 1.4)
      tilt (~> 1.3, >= 1.3.4)
    sinatra-activerecord (2.0.9)
      activerecord (>= 3.2)
      sinatra (~> 1.0)
    sinatra-contrib (1.4.6)
      backports (>= 2.0)
      multi_json
      rack-protection
      rack-test
      sinatra (~> 1.4.0)
      tilt (>= 1.3, < 3)
    systemu (2.6.5)
    thread_safe (0.3.5)
    tilt (1.4.1)
    tzinfo (1.2.2)
      thread_safe (~> 0.1)
    uuid (2.3.8)
      macaddr (~> 1.0)

PLATFORMS
  ruby

DEPENDENCIES
  dalli
  ice_nine
  moneta
  mysql2
  puma
  redis
  ruby-saml!
  sinatra
  sinatra-activerecord
  sinatra-contrib

RUBY VERSION
   ruby 2.2.6p396

BUNDLED WITH
   1.13.7
